NRRD0002
# Complete NRRD file format specification at:
# http://teem.sourceforge.net/nrrd/format.html
type: float
dimension: 3
sizes: 3 3 3
spacings: 1 1 1
endian: little
encoding: raw
data file: ./cube-3x.raw
ijkDatasetType:=cube
center:=1 1 1
firstAxisDirection:=1 0 0
secondAxisDirection:=0 1 0
