NRRD0001
content: engine
type: unsigned char
dimension: 3
sizes: 256 256 128
spacings: 1 1 1
encoding: gzip
data file: ./engine.raw
