NRRD0001
content: neghip
type: unsigned char
dimension: 3
sizes: 64 64 64
spacings: 1 1 1
encoding: raw
data file: ./neghip.raw
