NRRD0001
content: silicium
type: uchar
dimension: 3
sizes: 98 34 34
spacings: 1 1 1
encoding: gzip
data file: ./silicium.raw.gz
